PATH
  remote: .
  specs:
    csa (0.1.0)
      cli-ui (~> 1.3)
      gli (~> 2.19)
      xcodeproj (~> 1.18)

GEM
  remote: https://rubygems.org/
  specs:
    CFPropertyList (3.0.2)
    atomos (0.1.3)
    claide (1.0.3)
    cli-ui (1.3.0)
    colored2 (3.1.2)
    diff-lcs (1.4.4)
    gli (2.19.2)
    nanaimo (0.3.0)
    rake (12.3.3)
    rspec (3.9.0)
      rspec-core (~> 3.9.0)
      rspec-expectations (~> 3.9.0)
      rspec-mocks (~> 3.9.0)
    rspec-core (3.9.2)
      rspec-support (~> 3.9.3)
    rspec-expectations (3.9.2)
      diff-lcs (>= 1.2.0, < 2.0)
      rspec-support (~> 3.9.0)
    rspec-mocks (3.9.1)
      diff-lcs (>= 1.2.0, < 2.0)
      rspec-support (~> 3.9.0)
    rspec-support (3.9.3)
    xcodeproj (1.18.0)
      CFPropertyList (>= 2.3.3, < 4.0)
      atomos (~> 0.1.3)
      claide (>= 1.0.2, < 2.0)
      colored2 (~> 3.1)
      nanaimo (~> 0.3.0)

PLATFORMS
  ruby

DEPENDENCIES
  cli-ui (~> 1.3)
  csa!
  gli (~> 2.19)
  rake (~> 12.0)
  rspec (~> 3.9.0)
  xcodeproj (~> 1.18)

BUNDLED WITH
   2.2.30
